GIT
  remote: https://github.com/bernd/fpm-cookery.git
  revision: 051cc162f874bfc026b6bc051606d5b8813c1f06
  branch: master
  specs:
    fpm-cookery (0.33.0)
      addressable (~> 2.3.8)
      facter
      fpm (~> 1.1)
      json (>= 1.7.7, < 2.0)
      json_pure (>= 1.7.7, < 2.0)
      puppet (~> 3.4)
      safe_yaml (~> 1.0.4)
      systemu

GEM
  remote: https://rubygems.org/
  specs:
    addressable (2.3.8)
    arr-pm (0.0.12)
    ast (2.4.0)
    backports (3.11.4)
    cabin (0.9.0)
    childprocess (0.9.0)
      ffi (~> 1.0, >= 1.0.11)
    clamp (1.0.1)
    diff-lcs (1.3)
    dotenv (2.6.0)
    facter (2.5.1)
    ffi (1.10.0)
    fpm (1.11.0)
      arr-pm (~> 0.0.10)
      backports (>= 2.6.2)
      cabin (>= 0.6.0)
      childprocess (= 0.9.0)
      clamp (~> 1.0.0)
      ffi
      json (>= 1.7.7, < 2.0)
      pleaserun (~> 0.0.29)
      ruby-xz (~> 0.2.3)
      stud
    hiera (1.3.4)
      json_pure
    insist (1.0.0)
    io-like (0.3.0)
    jaro_winkler (1.5.2)
    json (1.8.6)
    json_pure (1.8.6)
    mustache (0.99.8)
    parallel (1.13.0)
    parser (2.6.0.0)
      ast (~> 2.4.0)
    pleaserun (0.0.30)
      cabin (> 0)
      clamp
      dotenv
      insist
      mustache (= 0.99.8)
      stud
    powerpack (0.1.2)
    puppet (3.8.7)
      facter (> 1.6, < 3)
      hiera (~> 1.0)
      json_pure
    rainbow (3.0.0)
    rake (12.3.3)
    rspec (3.8.0)
      rspec-core (~> 3.8.0)
      rspec-expectations (~> 3.8.0)
      rspec-mocks (~> 3.8.0)
    rspec-core (3.8.0)
      rspec-support (~> 3.8.0)
    rspec-expectations (3.8.2)
      diff-lcs (>= 1.2.0, < 2.0)
      rspec-support (~> 3.8.0)
    rspec-mocks (3.8.0)
      diff-lcs (>= 1.2.0, < 2.0)
      rspec-support (~> 3.8.0)
    rspec-support (3.8.0)
    rubocop (0.63.1)
      jaro_winkler (~> 1.5.1)
      parallel (~> 1.10)
      parser (>= 2.5, != 2.5.1.1)
      powerpack (~> 0.1)
      rainbow (>= 2.2.2, < 4.0)
      ruby-progressbar (~> 1.7)
      unicode-display_width (~> 1.4.0)
    ruby-progressbar (1.10.0)
    ruby-xz (0.2.3)
      ffi (~> 1.9)
      io-like (~> 0.3)
    rugged (0.27.7)
    safe_yaml (1.0.4)
    stud (0.0.23)
    systemu (2.6.5)
    unicode-display_width (1.4.1)
    xmlrpc (0.3.0)

PLATFORMS
  ruby

DEPENDENCIES
  fpm-cookery!
  rake
  rspec
  rubocop
  rugged
  xmlrpc

BUNDLED WITH
   1.16.1
